GIT
  remote: git://github.com/hanachin/ruby-irkit.git
  revision: bc0f87b5a8d73c6aa337ff0dfadbbda5ad7106dc
  branch: add_X-Requested-With_curl_header
  specs:
    irkit (0.0.9)
      args_parser
      dnssd
      hashie
      httparty
      json

GEM
  remote: https://rubygems.org/
  specs:
    args_parser (0.2.0)
    chronic (0.10.2)
    dnssd (3.0.1)
    hashie (3.4.2)
    httparty (0.13.7)
      json (~> 1.8)
      multi_xml (>= 0.5.2)
    json (1.8.3)
    multi_xml (0.5.5)
    whenever (0.9.4)
      chronic (>= 0.6.3)

PLATFORMS
  ruby

DEPENDENCIES
  irkit!
  whenever

BUNDLED WITH
   1.10.6
