GIT
  remote: git://github.com/hanachin/ruby-irkit.git
  revision: bc0f87b5a8d73c6aa337ff0dfadbbda5ad7106dc
  branch: add_X-Requested-With_curl_header
  specs:
    irkit (0.0.9)
      args_parser
      dnssd
      hashie
      httparty
      json

GEM
  remote: https://rubygems.org/
  specs:
    activemodel (4.2.4)
      activesupport (= 4.2.4)
      builder (~> 3.1)
    activesupport (4.2.4)
      i18n (~> 0.7)
      json (~> 1.7, >= 1.7.7)
      minitest (~> 5.1)
      thread_safe (~> 0.3, >= 0.3.4)
      tzinfo (~> 1.1)
    args_parser (0.2.0)
    builder (3.2.2)
    chronic (0.10.2)
    coderay (1.1.0)
    dnssd (3.0.1)
    hashie (3.4.2)
    highline (1.7.7)
    httparty (0.13.7)
      json (~> 1.8)
      multi_xml (>= 0.5.2)
    i18n (0.7.0)
    json (1.8.3)
    method_source (0.8.2)
    minitest (5.8.1)
    multi_xml (0.5.5)
    net-scp (1.2.1)
      net-ssh (>= 2.6.5)
    net-ssh (2.9.2)
    net-telnet (0.1.1)
    pry (0.10.1)
      coderay (~> 1.1.0)
      method_source (~> 0.8.1)
      slop (~> 3.4)
    rainbow (2.0.0)
    serverkit (0.6.5)
      activemodel
      activesupport
      bundler
      hashie
      highline
      rainbow
      slop (~> 3.4)
      specinfra (>= 2.31.0)
      unix-crypt
    sfl (2.2)
    slop (3.6.0)
    specinfra (2.43.11)
      net-scp
      net-ssh (~> 2.7)
      net-telnet
      sfl
    thread_safe (0.3.5)
    tzinfo (1.2.2)
      thread_safe (~> 0.1)
    unix-crypt (1.3.0)
    whenever (0.9.4)
      chronic (>= 0.6.3)

PLATFORMS
  ruby

DEPENDENCIES
  irkit!
  pry
  serverkit
  whenever

BUNDLED WITH
   1.10.6
