GEM
  remote: https://rubygems.org/
  specs:
    activemodel (4.2.9)
      activesupport (= 4.2.9)
      builder (~> 3.1)
    activesupport (4.2.9)
      i18n (~> 0.7)
      minitest (~> 5.1)
      thread_safe (~> 0.3, >= 0.3.4)
      tzinfo (~> 1.1)
    args_parser (0.2.0)
    bcrypt_pbkdf (1.0.0)
    builder (3.2.3)
    chronic (0.10.2)
    coderay (1.1.1)
    dnssd (3.0.1)
    ffi (1.9.18)
    hashie (3.5.5)
    highline (1.7.8)
    httparty (0.15.5)
      multi_xml (>= 0.5.2)
    i18n (0.8.4)
    irkit (0.1.0)
      args_parser
      dnssd
      hashie
      httparty
      json
    json (2.1.0)
    method_source (0.8.2)
    minitest (5.10.2)
    multi_xml (0.6.0)
    net-scp (1.2.1)
      net-ssh (>= 2.6.5)
    net-ssh (4.1.0)
    net-telnet (0.1.1)
    pry (0.10.4)
      coderay (~> 1.1.0)
      method_source (~> 0.8.1)
      slop (~> 3.4)
    rainbow (2.2.2)
      rake
    rake (12.0.0)
    rbnacl (4.0.2)
      ffi
    rbnacl-libsodium (1.0.11)
      rbnacl (>= 3.0.1)
    serverkit (0.6.9)
      activemodel
      activesupport (< 5.0.0)
      bundler
      hashie
      highline
      rainbow
      slop (~> 3.4)
      specinfra (>= 2.31.0)
      unix-crypt
    sfl (2.3)
    slop (3.6.0)
    specinfra (2.68.1)
      net-scp
      net-ssh (>= 2.7, < 5.0)
      net-telnet
      sfl
    thread_safe (0.3.6)
    tzinfo (1.2.3)
      thread_safe (~> 0.1)
    unix-crypt (1.3.0)
    whenever (0.9.7)
      chronic (>= 0.6.3)

PLATFORMS
  ruby

DEPENDENCIES
  bcrypt_pbkdf (>= 1.0, < 2.0)
  irkit
  pry
  rbnacl (>= 3.2, < 5.0)
  rbnacl-libsodium
  serverkit
  whenever

BUNDLED WITH
   1.15.1
